GEM
  remote: https://rubygems.org/
  specs:
    asana (0.6.0)
      faraday (~> 0.9)
      faraday_middleware (~> 0.9)
      faraday_middleware-multi_json (~> 0.0)
      oauth2 (~> 1.0)
    chronic (0.10.2)
    concurrent-ruby (1.0.4)
    concurrent-ruby (1.0.4-java)
    concurrent-ruby-ext (1.0.4)
      concurrent-ruby (= 1.0.4)
    expeditor (0.5.0)
      concurrent-ruby (~> 1.0.0)
      concurrent-ruby-ext (~> 1.0.0)
      retryable (> 1.0)
    faraday (0.9.2)
      multipart-post (>= 1.2, < 3)
    faraday_middleware (0.10.1)
      faraday (>= 0.7.4, < 1.0)
    faraday_middleware-multi_json (0.0.6)
      faraday_middleware
      multi_json
    jwt (1.5.6)
    multi_json (1.12.1)
    multi_xml (0.6.0)
    multipart-post (2.0.0)
    oauth2 (1.2.0)
      faraday (>= 0.8, < 0.10)
      jwt (~> 1.0)
      multi_json (~> 1.3)
      multi_xml (~> 0.5)
      rack (>= 1.2, < 3)
    rack (2.0.1)
    retryable (2.0.4)
    whenever (0.9.7)
      chronic (>= 0.6.3)

PLATFORMS
  java
  ruby

DEPENDENCIES
  asana
  expeditor
  whenever

BUNDLED WITH
   1.13.7
